GIT
  remote: git://github.com/opscode/omnibus-software.git
  revision: b3f46525cf29456fbd8cdcfc69c47180c3c22826
  specs:
    omnibus-software (4.0.0)

GIT
  remote: git://github.com/opscode/omnibus.git
  revision: 3e59997f785ac9a7df177a7638265f6765d1d4b1
  specs:
    omnibus (4.1.0)
      aws-sdk (~> 2)
      chef-sugar (~> 3.0)
      cleanroom (~> 1.0)
      mixlib-shellout (~> 2.0)
      mixlib-versioning
      ohai (~> 8.0)
      ruby-progressbar (~> 1.7)
      thor (~> 0.18)

GEM
  remote: https://rubygems.org/
  specs:
    aws-sdk (2.1.35)
      aws-sdk-resources (= 2.1.35)
    aws-sdk-core (2.1.35)
      jmespath (~> 1.0)
    aws-sdk-resources (2.1.35)
      aws-sdk-core (= 2.1.35)
    chef-config (12.5.1)
      mixlib-config (~> 2.0)
      mixlib-shellout (~> 2.0)
    chef-sugar (3.1.1)
    cleanroom (1.0.0)
    ffi (1.9.10)
    ffi-yajl (2.2.2)
      libyajl2 (~> 1.2)
    ipaddress (0.8.0)
    jmespath (1.1.3)
    libyajl2 (1.2.0)
    mime-types (2.6.2)
    mixlib-cli (1.5.0)
    mixlib-config (2.2.1)
    mixlib-log (1.6.0)
    mixlib-shellout (2.2.3)
    mixlib-versioning (1.1.0)
    ohai (8.7.0)
      chef-config (>= 12.5.0.alpha.1, < 13)
      ffi (~> 1.9)
      ffi-yajl (~> 2.2)
      ipaddress
      mime-types (~> 2.0)
      mixlib-cli
      mixlib-config (~> 2.0)
      mixlib-log
      mixlib-shellout (~> 2.0)
      rake (~> 10.1)
      systemu (~> 2.6.4)
      wmi-lite (~> 1.0)
    rake (10.4.2)
    ruby-progressbar (1.7.5)
    systemu (2.6.5)
    thor (0.19.1)
    wmi-lite (1.0.0)

PLATFORMS
  ruby

DEPENDENCIES
  omnibus!
  omnibus-software!

BUNDLED WITH
   1.10.6
